GEM
  remote: https://rubygems.org/
  specs:
    bitcoin-ruby (0.0.19)
      eventmachine
      ffi
      scrypt
    eventmachine (1.2.7)
    ffi (1.11.3)
    ffi-compiler (1.0.1)
      ffi (>= 1.0.0)
      rake
    rake (13.0.1)
    scrypt (3.0.7)
      ffi-compiler (>= 1.0, < 2.0)

PLATFORMS
  ruby

DEPENDENCIES
  bitcoin-ruby (~> 0.0.18)

BUNDLED WITH
   2.0.2
